PATH
  remote: .
  specs:
    java (0.0.2)

GEM
  remote: https://rubygems.org/
  specs:
    minitest (5.2.3)
    rake (10.1.1)

PLATFORMS
  ruby

DEPENDENCIES
  bundler (~> 1.3)
  java!
  minitest
  rake
